NUGET
  remote: https://www.nuget.org/api/v2
  specs:
    FAKE (4.40)
    FSharp.Compiler.Service (6.0.2)
      System.Collections.Immutable (>= 1.2.0)
      System.Reflection.Metadata (>= 1.4.1-beta-24227-04)
    FSharp.Compiler.Service.ProjectCracker (6.0.2)
    FSharp.Core (4.0.0.1)
    Microsoft.CSharp (4.0.1) - framework: net10, net11
    Newtonsoft.Json (9.0.1)
      Microsoft.CSharp (>= 4.0.1) - framework: net10, net11
      System.Collections (>= 4.0.11) - framework: net10, net11
      System.Diagnostics.Debug (>= 4.0.11) - framework: net10, net11
      System.Dynamic.Runtime (>= 4.0.11) - framework: net10, net11
      System.Globalization (>= 4.0.11) - framework: net10, net11
      System.IO (>= 4.1.0) - framework: net10, net11
      System.Linq (>= 4.1.0) - framework: net10, net11
      System.Linq.Expressions (>= 4.1.0) - framework: net10, net11
      System.ObjectModel (>= 4.0.12) - framework: net10, net11
      System.Reflection (>= 4.1.0) - framework: net10, net11
      System.Reflection.Extensions (>= 4.0.1) - framework: net10, net11
      System.Resources.ResourceManager (>= 4.0.1) - framework: net10, net11
      System.Runtime (>= 4.1.0) - framework: net10, net11
      System.Runtime.Extensions (>= 4.1.0) - framework: net10, net11
      System.Runtime.Serialization.Primitives (>= 4.1.1) - framework: net10, net11
      System.Text.Encoding (>= 4.0.11) - framework: net10, net11
      System.Text.Encoding.Extensions (>= 4.0.11) - framework: net10, net11
      System.Text.RegularExpressions (>= 4.1.0) - framework: net10, net11
      System.Threading (>= 4.0.11) - framework: net10, net11
      System.Threading.Tasks (>= 4.0.11) - framework: net10, net11
      System.Xml.ReaderWriter (>= 4.0.11) - framework: net10, net11
      System.Xml.XDocument (>= 4.0.11) - framework: net10, net11
    NUnit (3.4.1)
    NUnit.ConsoleRunner (3.4.1)
    NUnit.Extension.NUnitProjectLoader (3.4.1)
    NUnit.Extension.NUnitV2Driver (3.4.1)
    NUnit.Extension.NUnitV2ResultWriter (3.4.1)
    NUnit.Extension.TeamCityEventListener (1.0.1)
    NUnit.Extension.VSProjectLoader (3.4.1)
    NUnit.Runners (3.4.1)
      NUnit.ConsoleRunner (>= 3.4.1)
      NUnit.Extension.NUnitProjectLoader (>= 3.4.1)
      NUnit.Extension.NUnitV2Driver (>= 3.4.1)
      NUnit.Extension.NUnitV2ResultWriter (>= 3.4.1)
      NUnit.Extension.TeamCityEventListener (>= 1.0.1)
      NUnit.Extension.VSProjectLoader (>= 3.4.1)
    Suave (1.1.3)
      FSharp.Core (>= 3.1.2.5)
    System.Collections (4.0.11) - framework: net10, net11, net20, net30, net35, net40, net40
    System.Collections.Immutable (1.2)
      System.Collections (>= 4.0.11) - framework: net10, net11, net20, net30, net35, net40, net40
      System.Diagnostics.Debug (>= 4.0.11) - framework: net10, net11, net20, net30, net35, net40, net40
      System.Globalization (>= 4.0.11) - framework: net10, net11, net20, net30, net35, net40, net40
      System.Linq (>= 4.1.0) - framework: net10, net11, net20, net30, net35, net40, net40
      System.Resources.ResourceManager (>= 4.0.1) - framework: net10, net11, net20, net30, net35, net40, net40
      System.Runtime (>= 4.1.0) - framework: net10, net11, net20, net30, net35, net40, net40
      System.Runtime.Extensions (>= 4.1.0) - framework: net10, net11, net20, net30, net35, net40, net40
      System.Threading (>= 4.0.11) - framework: net10, net11, net20, net30, net35, net40, net40
    System.Diagnostics.Debug (4.0.11) - framework: net10, net11, net20, net30, net35, net40, net40
    System.Dynamic.Runtime (4.0.11) - framework: net10, net11
      System.Reflection.Emit (>= 4.0.1) - framework: net10, net11, net20, net30, net35, net40, net40
      System.Reflection.Emit.ILGeneration (>= 4.0.1) - framework: net10, net11, net20, net30, net35, net40, net40
      System.Reflection.Primitives (>= 4.0.1) - framework: net10, net11, net20, net30, net35, net40, net40
    System.Globalization (4.0.11) - framework: net10, net11, net20, net30, net35, net40, net40
    System.IO (4.1) - framework: net10, net11, net20, net30, net35, net40, net40
    System.Linq (4.1) - framework: net10, net11, net20, net30, net35, net40, net40
    System.Linq.Expressions (4.1) - framework: net10, net11
      System.ObjectModel (>= 4.0.12) - framework: net10, net11, net20, net30, net35, net40, net40
      System.Reflection.Emit (>= 4.0.1) - framework: net10, net11, net20, net30, net35, net40, net40
    System.ObjectModel (4.0.12) - framework: net10, net11
    System.Reflection (4.1) - framework: net10, net11, net20, net30, net35, net40, net40
    System.Reflection.Emit (4.0.1) - framework: net10, net11
      System.IO (>= 4.1.0) - framework: net10, net11, net20, net30, net35, net40, net40
      System.Reflection (>= 4.1.0) - framework: net10, net11, net20, net30, net35, net40, net40
      System.Reflection.Primitives (>= 4.0.1) - framework: net10, net11, net20, net30, net35, net40, net40
      System.Runtime (>= 4.1.0) - framework: net10, net11, net20, net30, net35, net40, net40
    System.Reflection.Emit.ILGeneration (4.0.1) - framework: net10, net11
      System.Reflection (>= 4.1.0) - framework: net10, net11, net20, net30, net35, net40, net40
      System.Reflection.Primitives (>= 4.0.1) - framework: net10, net11, net20, net30, net35, net40, net40
      System.Runtime (>= 4.1.0) - framework: net10, net11, net20, net30, net35, net40, net40
    System.Reflection.Extensions (4.0.1) - framework: net10, net11, net20, net30, net35, net40, net40
    System.Reflection.Metadata (1.4.1-beta-24227-04)
      System.Collections (>= 4.0.11) - framework: net10, net11, net20, net30, net35, net40, net40
      System.Collections.Immutable (>= 1.1.37) - framework: portable-net45+win8
      System.Collections.Immutable (>= 1.2.0) - framework: >= net45, monoandroid, monotouch, xamarinios, xamarinmac, winv4.5, wpv8.1
      System.Diagnostics.Debug (>= 4.0.11) - framework: net10, net11, net20, net30, net35, net40, net40
      System.IO (>= 4.1.0) - framework: net10, net11, net20, net30, net35, net40, net40
      System.Linq (>= 4.1.0) - framework: net10, net11, net20, net30, net35, net40, net40
      System.Reflection (>= 4.1.0) - framework: net10, net11, net20, net30, net35, net40, net40
      System.Reflection.Extensions (>= 4.0.1) - framework: net10, net11, net20, net30, net35, net40, net40
      System.Reflection.Primitives (>= 4.0.1) - framework: net10, net11, net20, net30, net35, net40, net40
      System.Resources.ResourceManager (>= 4.0.1) - framework: net10, net11, net20, net30, net35, net40, net40
      System.Runtime (>= 4.1.0) - framework: net10, net11, net20, net30, net35, net40, net40
      System.Runtime.Extensions (>= 4.1.0) - framework: net10, net11, net20, net30, net35, net40, net40
      System.Runtime.InteropServices (>= 4.1.0) - framework: net10, net11, net20, net30, net35, net40, net40
      System.Text.Encoding (>= 4.0.11) - framework: net10, net11, net20, net30, net35, net40, net40
      System.Text.Encoding.Extensions (>= 4.0.11) - framework: net10, net11, net20, net30, net35, net40, net40
      System.Threading (>= 4.0.11) - framework: net10, net11, net20, net30, net35, net40, net40
    System.Reflection.Primitives (4.0.1) - framework: net10, net11, net20, net30, net35, net40, net40
    System.Resources.ResourceManager (4.0.1) - framework: net10, net11, net20, net30, net35, net40, net40
    System.Runtime (4.1) - framework: net10, net11, net20, net30, net35, net40, net40
    System.Runtime.Extensions (4.1) - framework: net10, net11, net20, net30, net35, net40, net40
    System.Runtime.InteropServices (4.1) - framework: net10, net11, net20, net30, net35, net40, net40
    System.Runtime.Serialization.Primitives (4.1.1) - framework: net10, net11
    System.Text.Encoding (4.0.11) - framework: net10, net11, net20, net30, net35, net40, net40
    System.Text.Encoding.Extensions (4.0.11) - framework: net10, net11, net20, net30, net35, net40, net40
    System.Text.RegularExpressions (4.1) - framework: net10, net11
    System.Threading (4.0.11) - framework: net10, net11, net20, net30, net35, net40, net40
    System.Threading.Tasks (4.0.11) - framework: net10, net11
    System.Xml.ReaderWriter (4.0.11) - framework: net10, net11
    System.Xml.XDocument (4.0.11) - framework: net10, net11
GITHUB
  remote: fsprojects/FSharp.TypeProviders.StarterPack
  specs:
    src/ProvidedTypes.fs (c50ace31d335b7bcb83b102d2cfd0ce2007ed681)
  remote: fsprojects/Forge
  specs:
    src/Forge.ProjectSystem/Constants.fs (f75374896a2894e3187e3a2909e769fb920f3af4)
    src/Forge.ProjectSystem/Prelude.fs (f75374896a2894e3187e3a2909e769fb920f3af4)
    src/Forge.ProjectSystem/ProjectSystem.fs (f75374896a2894e3187e3a2909e769fb920f3af4)
    src/Forge.ProjectSystem/ResizeArray.fs (f75374896a2894e3187e3a2909e769fb920f3af4)
    src/Forge.ProjectSystem/XLinq.fs (f75374896a2894e3187e3a2909e769fb920f3af4)
GROUP Docs
NUGET
  remote: https://www.nuget.org/api/v2
  specs:
    DotLiquid (2.0.30)
    FAKE (4.40)
    FSharp.Compiler.Service (2.0.0.6)
    FSharp.Core (4.0.0.1)
    FSharp.Formatting (2.14.2)
      FSharp.Compiler.Service (2.0.0.6)
      FSharpVSPowerTools.Core (>= 2.3 < 2.4)
    FSharpVSPowerTools.Core (2.3)
      FSharp.Compiler.Service (>= 2.0.0.3)
    Suave (1.1.3)
      FSharp.Core (>= 3.1.2.5)
